GEM
  remote: https://rubygems.org/
  specs:
    minitest (5.8.0)
    minitest-spec-context (0.0.3)

PLATFORMS
  ruby

DEPENDENCIES
  minitest
  minitest-spec-context

BUNDLED WITH
   1.10.6
