GEM
  remote: https://rubygems.org/
  specs:
    minitest (5.8.0)
    minitest-spec-context (0.0.3)
    veto (1.0.1)

PLATFORMS
  ruby

DEPENDENCIES
  minitest
  minitest-spec-context
  veto

BUNDLED WITH
   1.10.6
